GEM
  remote: http://rubygems.org/
  specs:
    addressable (2.2.5)
    capybara (0.4.1.2)
      celerity (>= 0.7.9)
      culerity (>= 0.2.4)
      mime-types (>= 1.16)
      nokogiri (>= 1.3.3)
      rack (>= 1.0.0)
      rack-test (>= 0.5.4)
      selenium-webdriver (>= 0.0.27)
      xpath (~> 0.1.3)
    celerity (0.8.9)
    childprocess (0.1.8)
      ffi (~> 1.0.6)
    culerity (0.2.15)
    daemons (1.1.3)
    diff-lcs (1.1.2)
    eventmachine (0.12.10)
    faraday (0.6.1)
      addressable (~> 2.2.4)
      multipart-post (~> 1.1.0)
      rack (< 2, >= 1.1.0)
    faraday_middleware (0.6.3)
      faraday (~> 0.6.0)
    ffi (1.0.7)
      rake (>= 0.8.7)
    haml (3.1.1)
    hashie (1.0.0)
    json_pure (1.5.1)
    mime-types (1.16)
    multi_json (1.0.1)
    multipart-post (1.1.0)
    nokogiri (1.4.4)
    octokit (0.6.3)
      addressable (~> 2.2.4)
      faraday (~> 0.6.0)
      faraday_middleware (~> 0.6.0)
      hashie (~> 1.0.0)
      multi_json (~> 1.0.0)
      rash (~> 0.3.0)
    rack (1.2.2)
    rack-test (0.6.0)
      rack (>= 1.0)
    rake (0.8.7)
    rash (0.3.0)
      hashie (~> 1.0.0)
    rspec (2.5.0)
      rspec-core (~> 2.5.0)
      rspec-expectations (~> 2.5.0)
      rspec-mocks (~> 2.5.0)
    rspec-core (2.5.2)
    rspec-expectations (2.5.0)
      diff-lcs (~> 1.1.2)
    rspec-mocks (2.5.0)
    rubyzip (0.9.4)
    selenium-webdriver (0.2.0)
      childprocess (>= 0.1.7)
      ffi (>= 1.0.7)
      json_pure
      rubyzip
    sinatra (1.2.6)
      rack (~> 1.1)
      tilt (< 2.0, >= 1.2.2)
    thin (1.2.11)
      daemons (>= 1.0.9)
      eventmachine (>= 0.12.6)
      rack (>= 1.0.0)
    tilt (1.3)
    xpath (0.1.4)
      nokogiri (~> 1.3)

PLATFORMS
  ruby

DEPENDENCIES
  capybara
  haml
  octokit
  rack-test
  rspec
  sinatra
  thin
